GEM
  remote: https://rubygems.org/
  specs:
    pg (1.2.3)
    rack (2.2.3)
    sequel (5.51.0)

PLATFORMS
  ruby

DEPENDENCIES
  pg
  rack
  sequel

RUBY VERSION
   ruby 2.7.2p137

BUNDLED WITH
   2.1.4
